PATH
  remote: .
  specs:
    pilot (0.2.0)
      activerecord (~> 3.0)
      activesupport (~> 3.0)
      fog (~> 0.3.7)
      mini_magick (~> 2.1)

GEM
  remote: http://rubygems.org/
  specs:
    activemodel (3.0.3)
      activesupport (= 3.0.3)
      builder (~> 2.1.2)
      i18n (~> 0.4)
    activerecord (3.0.3)
      activemodel (= 3.0.3)
      activesupport (= 3.0.3)
      arel (~> 2.0.2)
      tzinfo (~> 0.3.23)
    activesupport (3.0.3)
    arel (2.0.7)
    builder (2.1.2)
    excon (0.4.0)
    fog (0.3.34)
      builder
      excon (>= 0.3.6)
      formatador (>= 0.0.16)
      json
      mime-types
      net-ssh (>= 2.0.23)
      nokogiri (>= 1.4.4)
      ruby-hmac
    formatador (0.0.16)
    i18n (0.5.0)
    json (1.4.6)
    mime-types (1.16)
    mini_magick (2.3)
      subexec (~> 0.0.4)
    net-ssh (2.0.23)
    nokogiri (1.4.4)
    ruby-hmac (0.4.0)
    subexec (0.0.4)
    tzinfo (0.3.23)

PLATFORMS
  ruby

DEPENDENCIES
  activerecord (~> 3.0)
  activesupport (~> 3.0)
  fog (~> 0.3.7)
  mini_magick (~> 2.1)
  pilot!
